GIT
  remote: git://github.com/sinatra/sinatra.git
  revision: 26fa5c86220890a02cc0f070ddb2696d74a5b843
  specs:
    rack-protection (2.0.5)
      rack
    sinatra (2.0.5)
      mustermann (~> 1.0)
      rack (~> 2.0)
      rack-protection (= 2.0.5)
      tilt (~> 2.0)

GEM
  remote: https://rubygems.org/
  specs:
    mustermann (1.0.3)
    rack (2.0.6)
    tilt (2.0.9)

PLATFORMS
  ruby

DEPENDENCIES
  sinatra!

RUBY VERSION
   ruby 2.6.0p0

BUNDLED WITH
   1.17.2
